GIT
  remote: https://github.com/dmytro/ruby-nagios.git
  revision: 668562ce99cbc5c7bcc0df4ce9fed4dbb1ba6ab7
  branch: fix/stale_objects_in_statusdat
  specs:
    ruby-nagios (0.0.2)

GEM
  remote: http://rubygems.org/
  specs:
    activemodel (3.2.5)
      activesupport (= 3.2.5)
      builder (~> 3.0.0)
    activesupport (3.2.5)
      i18n (~> 0.6)
      multi_json (~> 1.0)
    backports (2.6.1)
    brakeman (1.7.1)
      activesupport
      erubis (~> 2.6)
      fastercsv (~> 1.5)
      haml (~> 3.0)
      highline (~> 1.6)
      i18n
      json_pure
      ruby2ruby (~> 1.2)
      ruby_parser (= 2.3.1)
      sass (~> 3.0)
      terminal-table (~> 1.4)
    builder (3.0.0)
    diff-lcs (1.1.3)
    erubis (2.7.0)
    eventmachine (0.12.10)
    fastercsv (1.5.5)
    growl (1.0.3)
    guard (1.3.2)
      listen (>= 0.4.2)
      thor (>= 0.14.6)
    guard-brakeman (0.5.0)
      brakeman (>= 1.5.3)
      guard (>= 1.1.0)
    guard-rspec (1.2.1)
      guard (>= 1.1)
    haml (3.1.7)
    highline (1.6.14)
    i18n (0.6.0)
    json (1.7.3)
    json_pure (1.7.5)
    listen (0.5.0)
    multi_json (1.3.6)
    rack (1.4.1)
    rack-protection (1.2.0)
      rack
    rack-test (0.6.1)
      rack (>= 1.0)
    rake (0.9.2.2)
    redcarpet (2.2.2)
    rspec-core (2.10.1)
    rspec-expectations (2.10.0)
      diff-lcs (~> 1.1.3)
    rspec-mocks (2.10.1)
    ruby2ruby (1.3.1)
      ruby_parser (~> 2.0)
      sexp_processor (~> 3.0)
    ruby_parser (2.3.1)
      sexp_processor (~> 3.0)
    sass (3.2.1)
    sexp_processor (3.2.0)
    sinatra (1.3.2)
      rack (~> 1.3, >= 1.3.6)
      rack-protection (~> 1.2)
      tilt (~> 1.3, >= 1.3.3)
    sinatra-contrib (1.3.1)
      backports (>= 2.0)
      eventmachine
      rack-protection
      rack-test
      sinatra (~> 1.3.0)
      tilt (~> 1.3)
    terminal-table (1.4.5)
    thor (0.16.0)
    tilt (1.3.3)
    yard (0.8.1)

PLATFORMS
  ruby

DEPENDENCIES
  activemodel
  activesupport
  growl (~> 1.0.3)
  guard-brakeman (~> 0.5.0)
  guard-rspec (~> 1.2.1)
  json
  rake
  redcarpet
  rspec-core
  rspec-expectations
  rspec-mocks
  ruby-nagios!
  sinatra (>= 1.3.1)
  sinatra-contrib (>= 1.3.1)
  yard (~> 0.8)
