GEM
  remote: http://rubygems.org/
  specs:
    activemodel (3.2.5)
      activesupport (= 3.2.5)
      builder (~> 3.0.0)
    activesupport (3.2.5)
      i18n (~> 0.6)
      multi_json (~> 1.0)
    backports (2.6.1)
    builder (3.0.0)
    diff-lcs (1.1.3)
    eventmachine (0.12.10)
    i18n (0.6.0)
    json (1.7.3)
    multi_json (1.3.6)
    rack (1.4.1)
    rack-protection (1.2.0)
      rack
    rack-test (0.6.1)
      rack (>= 1.0)
    rake (0.9.2.2)
    rspec-core (2.10.1)
    rspec-expectations (2.10.0)
      diff-lcs (~> 1.1.3)
    rspec-mocks (2.10.1)
    sinatra (1.3.2)
      rack (~> 1.3, >= 1.3.6)
      rack-protection (~> 1.2)
      tilt (~> 1.3, >= 1.3.3)
    sinatra-contrib (1.3.1)
      backports (>= 2.0)
      eventmachine
      rack-protection
      rack-test
      sinatra (~> 1.3.0)
      tilt (~> 1.3)
    tilt (1.3.3)
    yard (0.8.1)

PLATFORMS
  ruby

DEPENDENCIES
  activemodel
  activesupport
  json
  rake
  rspec-core
  rspec-expectations
  rspec-mocks
  sinatra (>= 1.3.1)
  sinatra-contrib (>= 1.3.1)
  yard (~> 0.8)
